GEM
  remote: https://rubygems.org/
  specs:
    actioncable (5.0.6)
      actionpack (= 5.0.6)
      nio4r (>= 1.2, < 3.0)
      websocket-driver (~> 0.6.1)
    actionmailer (5.0.6)
      actionpack (= 5.0.6)
      actionview (= 5.0.6)
      activejob (= 5.0.6)
      mail (~> 2.5, >= 2.5.4)
      rails-dom-testing (~> 2.0)
    actionpack (5.0.6)
      actionview (= 5.0.6)
      activesupport (= 5.0.6)
      rack (~> 2.0)
      rack-test (~> 0.6.3)
      rails-dom-testing (~> 2.0)
      rails-html-sanitizer (~> 1.0, >= 1.0.2)
    actionview (5.0.6)
      activesupport (= 5.0.6)
      builder (~> 3.1)
      erubis (~> 2.7.0)
      rails-dom-testing (~> 2.0)
      rails-html-sanitizer (~> 1.0, >= 1.0.3)
    activejob (5.0.6)
      activesupport (= 5.0.6)
      globalid (>= 0.3.6)
    activemodel (5.0.6)
      activesupport (= 5.0.6)
    activerecord (5.0.6)
      activemodel (= 5.0.6)
      activesupport (= 5.0.6)
      arel (~> 7.0)
    activesupport (5.0.6)
      concurrent-ruby (~> 1.0, >= 1.0.2)
      i18n (~> 0.7)
      minitest (~> 5.1)
      tzinfo (~> 1.1)
    arel (7.1.4)
    awesome_print (1.8.0)
    bcrypt (3.1.11)
    bindex (0.5.0)
    builder (3.2.3)
    byebug (10.0.0)
    codemirror-rails (5.16.0)
      railties (>= 3.0, < 6.0)
    coderay (1.1.2)
    coffee-rails (4.2.2)
      coffee-script (>= 2.2.0)
      railties (>= 4.0.0)
    coffee-script (2.4.1)
      coffee-script-source
      execjs
    coffee-script-source (1.12.2)
    concurrent-ruby (1.0.5)
    crass (1.0.3)
    devise (4.4.1)
      bcrypt (~> 3.0)
      orm_adapter (~> 0.1)
      railties (>= 4.1.0, < 5.2)
      responders
      warden (~> 1.2.3)
    erubis (2.7.0)
    execjs (2.7.0)
    ffi (1.9.21)
    figaro (1.1.1)
      thor (~> 0.14)
    globalid (0.4.1)
      activesupport (>= 4.2.0)
    i18n (0.9.5)
      concurrent-ruby (~> 1.0)
    jbuilder (2.7.0)
      activesupport (>= 4.2.0)
      multi_json (>= 1.2)
    jquery-rails (4.3.1)
      rails-dom-testing (>= 1, < 3)
      railties (>= 4.2.0)
      thor (>= 0.14, < 2.0)
    kaminari (1.1.1)
      activesupport (>= 4.1.0)
      kaminari-actionview (= 1.1.1)
      kaminari-activerecord (= 1.1.1)
      kaminari-core (= 1.1.1)
    kaminari-actionview (1.1.1)
      actionview
      kaminari-core (= 1.1.1)
    kaminari-activerecord (1.1.1)
      activerecord
      kaminari-core (= 1.1.1)
    kaminari-core (1.1.1)
    listen (3.0.8)
      rb-fsevent (~> 0.9, >= 0.9.4)
      rb-inotify (~> 0.9, >= 0.9.7)
    loofah (2.2.0)
      crass (~> 1.0.2)
      nokogiri (>= 1.5.9)
    mail (2.7.0)
      mini_mime (>= 0.1.1)
    method_source (0.9.0)
    mini_mime (1.0.0)
    mini_portile2 (2.3.0)
    minitest (5.11.3)
    multi_json (1.13.1)
    mysql2 (0.4.10)
    nio4r (2.2.0)
    nokogiri (1.8.2)
      mini_portile2 (~> 2.3.0)
    orm_adapter (0.5.0)
    polyamorous (1.3.3)
      activerecord (>= 3.0)
    pry (0.11.3)
      coderay (~> 1.1.0)
      method_source (~> 0.9.0)
    pry-rails (0.3.6)
      pry (>= 0.10.4)
    puma (3.11.2)
    rack (2.0.4)
    rack-test (0.6.3)
      rack (>= 1.0)
    rails (5.0.6)
      actioncable (= 5.0.6)
      actionmailer (= 5.0.6)
      actionpack (= 5.0.6)
      actionview (= 5.0.6)
      activejob (= 5.0.6)
      activemodel (= 5.0.6)
      activerecord (= 5.0.6)
      activesupport (= 5.0.6)
      bundler (>= 1.3.0)
      railties (= 5.0.6)
      sprockets-rails (>= 2.0.0)
    rails-dom-testing (2.0.3)
      activesupport (>= 4.2.0)
      nokogiri (>= 1.6)
    rails-html-sanitizer (1.0.3)
      loofah (~> 2.0)
    rails_db (1.6.0)
      codemirror-rails
      kaminari
      rails (>= 3.1.0)
      ransack
      simple_form
      terminal-table
    railties (5.0.6)
      actionpack (= 5.0.6)
      activesupport (= 5.0.6)
      method_source
      rake (>= 0.8.7)
      thor (>= 0.18.1, < 2.0)
    rake (12.3.0)
    ransack (1.8.7)
      actionpack (>= 3.0)
      activerecord (>= 3.0)
      activesupport (>= 3.0)
      i18n
      polyamorous (~> 1.3.2)
    rb-fsevent (0.10.2)
    rb-inotify (0.9.10)
      ffi (>= 0.5.0, < 2)
    responders (2.4.0)
      actionpack (>= 4.2.0, < 5.3)
      railties (>= 4.2.0, < 5.3)
    sass (3.5.5)
      sass-listen (~> 4.0.0)
    sass-listen (4.0.0)
      rb-fsevent (~> 0.9, >= 0.9.4)
      rb-inotify (~> 0.9, >= 0.9.7)
    sass-rails (5.0.7)
      railties (>= 4.0.0, < 6)
      sass (~> 3.1)
      sprockets (>= 2.8, < 4.0)
      sprockets-rails (>= 2.0, < 4.0)
      tilt (>= 1.1, < 3)
    simple_form (3.5.1)
      actionpack (> 4, < 5.2)
      activemodel (> 4, < 5.2)
    spring (2.0.2)
      activesupport (>= 4.2)
    spring-watcher-listen (2.0.1)
      listen (>= 2.7, < 4.0)
      spring (>= 1.2, < 3.0)
    sprockets (3.7.1)
      concurrent-ruby (~> 1.0)
      rack (> 1, < 3)
    sprockets-rails (3.2.1)
      actionpack (>= 4.0)
      activesupport (>= 4.0)
      sprockets (>= 3.0.0)
    sqlite3 (1.3.13)
    terminal-table (1.8.0)
      unicode-display_width (~> 1.1, >= 1.1.1)
    thor (0.20.0)
    thread_safe (0.3.6)
    tilt (2.0.8)
    turbolinks (5.1.0)
      turbolinks-source (~> 5.1)
    turbolinks-source (5.1.0)
    tzinfo (1.2.5)
      thread_safe (~> 0.1)
    uglifier (4.1.6)
      execjs (>= 0.3.0, < 3)
    unicode-display_width (1.3.0)
    warden (1.2.7)
      rack (>= 1.0)
    web-console (3.5.1)
      actionview (>= 5.0)
      activemodel (>= 5.0)
      bindex (>= 0.4.0)
      railties (>= 5.0)
    websocket-driver (0.6.5)
      websocket-extensions (>= 0.1.0)
    websocket-extensions (0.1.3)

PLATFORMS
  ruby

DEPENDENCIES
  awesome_print
  byebug
  coffee-rails (~> 4.2)
  devise
  figaro
  jbuilder (~> 2.5)
  jquery-rails
  listen (~> 3.0.5)
  mysql2
  pry-rails
  puma (~> 3.0)
  rails (~> 5.0.6)
  rails_db
  sass-rails (~> 5.0)
  spring
  spring-watcher-listen (~> 2.0.0)
  sqlite3
  turbolinks (~> 5)
  tzinfo-data
  uglifier (>= 1.3.0)
  web-console (>= 3.3.0)

BUNDLED WITH
   1.16.1
